GEM
  remote: http://rubygems.org/
  specs:
    addressable (2.2.5)
    dm-core (1.1.0)
      addressable (~> 2.2.4)
    dm-migrations (1.1.0)
      dm-core (~> 1.1.0)
    dm-serializer (1.1.0)
      dm-core (~> 1.1.0)
      fastercsv (~> 1.5.4)
      json (~> 1.4.6)
    dm-timestamps (1.1.0)
      dm-core (~> 1.1.0)
    fastercsv (1.5.4)
    haml (3.1.0)
    json (1.4.6)
    rack (1.2.2)
    sinatra (1.2.3)
      rack (~> 1.1)
      tilt (>= 1.2.2, < 2.0)
    sinatra-logger (0.1.1)
      sinatra (>= 1.0)
    tilt (1.2.2)

PLATFORMS
  ruby

DEPENDENCIES
  dm-core
  dm-migrations
  dm-serializer
  dm-timestamps
  haml
  sinatra
  sinatra-logger
